{
  "Modality": "MR",
  "MagneticFieldStrength": 3,
  "ImagingFrequency": 123.248,
  "Manufacturer": "Siemens",
  "ManufacturersModelName": "Prisma",
  "InstitutionName": "SKKU",
  "InstitutionalDepartmentName": "Department",
  "InstitutionAddress": "Street_StreetNo_City_2c4e04_District_KR_ZIP",
  "DeviceSerialNumber": "66061",
  "StationName": "AWP66061",
  "BodyPartExamined": "HEAD",
  "PatientPosition": "HFS",
  "ProcedureStepDescription": "Head_PI:CNIR_IBS",
  "SoftwareVersions": "syngo_MR_E11",
  "MRAcquisitionType": "2D",
  "SeriesDescription": "DTI_2.5mm_AP",
  "ProtocolName": "DTI_2.5mm_AP",
  "ScanningSequence": "EP",
  "SequenceVariant": "SK_SP",
  "ScanOptions": "PFP_FS",
  "SequenceName": "_ep_b0",
  "ImageType": [
    "ORIGINAL",
    "PRIMARY",
    "DIFFUSION",
    "NONE",
    "ND",
    "MOSAIC"
  ],
  "SeriesNumber": 33,
  "AcquisitionTime": "11:53:17.660000",
  "AcquisitionNumber": 1,
  "SliceThickness": 2.5,
  "SpacingBetweenSlices": 2.5,
  "SAR": 0.179665,
  "EchoTime": 0.08,
  "RepetitionTime": 7,
  "FlipAngle": 90,
  "PartialFourier": 0.875,
  "BaseResolution": 88,
  "ShimSetting": [
    5078,
    3723,
    4362,
    323,
    25,
    -31,
    -212,
    9
  ],
  "DiffusionScheme": "Monopolar",
  "TxRefAmp": 253.066,
  "PhaseResolution": 1,
  "ReceiveCoilName": "HeadNeck_64",
  "ReceiveCoilActiveElements": "HC1-7;NC1,2",
  "CoilString": "HC1-7;NC1_2",
  "PulseSequenceDetails": "%SiemensSeq%_ep2d_diff",
  "RefLinesPE": 28,
  "ConsistencyInfo": "N4_VE11C_LATEST_20160120",
  "PercentPhaseFOV": 100,
  "EchoTrainLength": 38,
  "PhaseEncodingSteps": 76,
  "AcquisitionMatrixPE": 88,
  "ReconMatrixPE": 88,
  "BandwidthPerPixelPhaseEncode": 39.185,
  "ParallelReductionFactorInPlane": 2,
  "EffectiveEchoSpacing": 0.00029,
  "DerivedVendorReportedEchoSpacing": 0.000579999,
  "TotalReadoutTime": 0.02523,
  "PixelBandwidth": 2105,
  "DwellTime": 0.0000027,
  "PhaseEncodingDirection": "j-",
  "SliceTiming": [
    3.49,
    0,
    3.6,
    0.11,
    3.71,
    0.22,
    3.8175,
    0.3275,
    3.9275,
    0.4375,
    4.035,
    0.5475,
    4.145,
    0.655,
    4.255,
    0.765,
    4.3625,
    0.8725,
    4.4725,
    0.9825,
    4.5825,
    1.0925,
    4.69,
    1.2,
    4.8,
    1.31,
    4.9075,
    1.42,
    5.0175,
    1.5275,
    5.1275,
    1.6375,
    5.235,
    1.745,
    5.345,
    1.855,
    5.455,
    1.965,
    5.5625,
    2.0725,
    5.6725,
    2.1825,
    5.78,
    2.2925,
    5.89,
    2.4,
    6,
    2.51,
    6.1075,
    2.6175,
    6.2175,
    2.7275,
    6.3275,
    2.8375,
    6.435,
    2.945,
    6.545,
    3.055,
    6.6525,
    3.1625,
    6.7625,
    3.2725,
    6.8725,
    3.3825
  ],
  "ImageOrientationPatientDICOM": [
    0.998778,
    -0.00109157,
    0.0494153,
    -2.52723E-8,
    0.999756,
    0.0220848
  ],
  "InPlanePhaseEncodingDirectionDICOM": "COL",
  "ConversionSoftware": "dcm2niix",
  "ConversionSoftwareVersion": "v1.0.20190902",
  "SkullStripped": false
}
