{
  "Modality": "MR",
  "MagneticFieldStrength": 3,
  "ImagingFrequency": 123.247637,
  "Manufacturer": "Siemens",
  "ManufacturersModelName": "Prisma",
  "InstitutionName": "SKKU",
  "InstitutionalDepartmentName": "Department",
  "InstitutionAddress": "Street StreetNo,City/2c4e04/,District,KR,ZIP",
  "DeviceSerialNumber": "66061",
  "StationName": "AWP66061",
  "BodyPartExamined": "HEAD",
  "PatientPosition": "HFS",
  "ProcedureStepDescription": "Head^PI:CNIR_IBS",
  "SoftwareVersions": "syngo MR E11",
  "MRAcquisitionType": "3D",
  "SeriesDescription": "T1_mprage_sag_1.0iso",
  "ProtocolName": "T1_mprage_sag_1.0iso",
  "ScanningSequence": "GR\\IR",
  "SequenceVariant": "SK\\SP\\MP",
  "ScanOptions": "IR",
  "SequenceName": "*tfl3d1_16ns",
  "ImageType": [
    "ORIGINAL",
    "PRIMARY",
    "M",
    "ND",
    "NORM",
    "SH",
    "FIL"
  ],
  "NonlinearGradientCorrection": false,
  "SeriesNumber": 32,
  "AcquisitionTime": "11:47:10.577500",
  "AcquisitionNumber": 1,
  "SliceThickness": 1,
  "SAR": 0.0848977,
  "EchoTime": 0.00228,
  "RepetitionTime": 2.4,
  "SpoilingState": true,
  "InversionTime": 0.9,
  "FlipAngle": 8,
  "PartialFourier": 1,
  "BaseResolution": 256,
  "ShimSetting": [
    5052,
    3747,
    4202,
    0,
    -38,
    118,
    -52,
    34
  ],
  "TxRefAmp": 253.066,
  "PhaseResolution": 1,
  "ReceiveCoilName": "HeadNeck_64",
  "ReceiveCoilActiveElements": "HC1-7;NC1,2",
  "PulseSequenceDetails": "%SiemensSeq%\\tfl",
  "RefLinesPE": 24,
  "CoilCombinationMethod": "Adaptive Combine",
  "ConsistencyInfo": "N4_VE11C_LATEST_20160120",
  "MatrixCoilMode": "GRAPPA",
  "PercentPhaseFOV": 100,
  "PercentSampling": 100,
  "PhaseEncodingSteps": 255,
  "AcquisitionMatrixPE": 256,
  "ReconMatrixPE": 256,
  "ParallelReductionFactorInPlane": 2,
  "PixelBandwidth": 200,
  "DwellTime": 0.0000098,
  "ImageOrientationPatientDICOM": [
    0.0698194,
    0.994687,
    0.0756558,
    0.0277286,
    0.0738764,
    -0.996882
  ],
  "ImageOrientationText": "Sag>Cor(4.1)>Tra(-1.3)",
  "InPlanePhaseEncodingDirectionDICOM": "ROW",
  "ConversionSoftware": "dcm2niix",
  "ConversionSoftwareVersion": "v1.0.20230411",
  "Dcm2bidsVersion": "2.1.7",
  "SkullStripped": true
}
